GEM
  remote: https://rubygems.org/
  specs:
    discordrb-webhooks (3.2.0.1)
      rest-client
    domain_name (0.5.20180417)
      unf (>= 0.0.5, < 1.0.0)
    event_emitter (0.2.6)
    ffi (1.9.23-x64-mingw32)
    http-cookie (1.0.3)
      domain_name (~> 0.5)
    mime-types (3.1)
      mime-types-data (~> 3.2015)
    mime-types-data (3.2016.0521)
    netrc (0.11.0)
    opus-ruby (1.0.1)
      ffi
    rbnacl (3.4.0)
      ffi
    rest-client (2.0.2-x64-mingw32)
      ffi (~> 1.9)
      http-cookie (>= 1.0.2, < 2.0)
      mime-types (>= 1.16, < 4.0)
      netrc (~> 0.8)
    unf (0.1.4)
      unf_ext
    unf_ext (0.0.7.5-x64-mingw32)
    websocket (1.2.5)
    websocket-client-simple (0.3.0)
      event_emitter
      websocket
GIT
  remote: git://github.com/meew0/discordrb.git
  revision: 2a58c2c0f05e55cfb2584bf135c1fa0d4067c8d8
  specs:
    discordrb (2.1.3)
      activesupport
      opus-ruby
      rbnacl
      rest-client
      websocket-client-simple (>= 0.3.0)

PLATFORMS
  ruby
  x64-mingw32
  x86_64-linux
DEPENDENCIES
  discordrb

BUNDLED WITH
   1.16.1
