GEM
  remote: https://rubygems.org/
  specs:
	discordrb

PLATFORMS
  ruby
  x64-mingw32
  x86_64-linux

DEPENDENCIES

BUNDLED WITH
   1.16.1
